GEM
  remote: http://rubygems.org/
  specs:
    activemodel (3.0.6)
      activesupport (= 3.0.6)
      builder (~> 2.1.2)
      i18n (~> 0.5.0)
    activerecord (3.0.6)
      activemodel (= 3.0.6)
      activesupport (= 3.0.6)
      arel (~> 2.0.2)
      tzinfo (~> 0.3.23)
    activesupport (3.0.6)
    addressable (2.2.5)
    arel (2.0.9)
    bond (0.4.1)
    builder (2.1.2)
    daemons (1.1.2)
    dalli (1.0.3)
    em-http-request (0.3.0)
      addressable (>= 2.0.0)
      escape_utils
      eventmachine (>= 0.12.9)
    em-resolv-replace (1.1.1)
    em-synchrony (0.2.0)
      eventmachine (>= 0.12.9)
    escape_utils (0.2.3)
    eventmachine (0.12.10)
    haml (3.0.25)
    i18n (0.5.0)
    less (1.2.21)
      mutter (>= 0.4.2)
      treetop (>= 1.4.2)
    mime-types (1.16)
    mutter (0.5.3)
    mysql2 (0.2.7)
    polyglot (0.3.1)
    rack (1.2.2)
    rack-fiber_pool (0.9.1)
    rack-test (0.5.7)
      rack (>= 1.0)
    ripl (0.3.5)
      bond (~> 0.4.0)
    ripl-multi_line (0.2.4)
      ripl (>= 0.3.2)
    ripl-rack (0.2.0)
      rack (>= 1.0)
      rack-test (>= 0.5)
      ripl (>= 0.3.5)
    simplecov (0.4.2)
      simplecov-html (~> 0.4.4)
    simplecov-html (0.4.4)
    sinatra (1.2.3)
      rack (~> 1.1)
      tilt (>= 1.2.2, < 2.0)
    sinatra-activerecord (0.1.3)
      sinatra (>= 0.9.4)
    sinatra-i18n (0.1.0)
    sqlite3 (1.3.3)
    thin (1.2.11)
      daemons (>= 1.0.9)
      eventmachine (>= 0.12.6)
      rack (>= 1.0.0)
    tilt (1.2.2)
    treetop (1.4.9)
      polyglot (>= 0.3.1)
    tux (0.3.0)
      ripl (>= 0.3.5)
      ripl-multi_line (>= 0.2.4)
      ripl-rack (>= 0.2.0)
      sinatra (>= 1.2.1)
    tzinfo (0.3.26)

PLATFORMS
  ruby

DEPENDENCIES
  activerecord
  dalli
  em-http-request
  em-resolv-replace
  em-synchrony
  haml
  less
  mime-types
  mysql2
  rack-fiber_pool
  rack-test
  simplecov (>= 0.4.0)
  sinatra
  sinatra-activerecord
  sinatra-i18n
  sqlite3
  thin
  tux
